GEM
  remote: http://rubygems.org/
  specs:
    rufus-scheduler (3.0.9)
      tzinfo
    tzinfo (0.3.42)

PLATFORMS
  ruby

DEPENDENCIES
  rufus-scheduler
